GIT
  remote: git://github.com/bernerdschaefer/akephalos.git
  revision: 0fbcbbf160b7f1eccae38bc4b05cf28240a97835
  specs:
    akephalos (0.2.4)
      capybara (>= 0.4.0)
      jruby-jars

GEM
  remote: http://rubygems.org/
  specs:
    ZenTest (4.4.2)
    abstract (1.0.0)
    actionmailer (3.0.4.rc1)
      actionpack (= 3.0.4.rc1)
      mail (~> 2.2.15)
    actionpack (3.0.4.rc1)
      activemodel (= 3.0.4.rc1)
      activesupport (= 3.0.4.rc1)
      builder (~> 2.1.2)
      erubis (~> 2.6.6)
      i18n (~> 0.4)
      rack (~> 1.2.1)
      rack-mount (~> 0.6.13)
      rack-test (~> 0.5.7)
      tzinfo (~> 0.3.23)
    activemodel (3.0.4.rc1)
      activesupport (= 3.0.4.rc1)
      builder (~> 2.1.2)
      i18n (~> 0.4)
    activerecord (3.0.4.rc1)
      activemodel (= 3.0.4.rc1)
      activesupport (= 3.0.4.rc1)
      arel (~> 2.0.2)
      tzinfo (~> 0.3.23)
    activeresource (3.0.4.rc1)
      activemodel (= 3.0.4.rc1)
      activesupport (= 3.0.4.rc1)
    activesupport (3.0.4.rc1)
    arel (2.0.7)
    autotest (4.4.6)
      ZenTest (>= 4.4.1)
    builder (2.1.2)
    capybara (0.4.1.1)
      celerity (>= 0.7.9)
      culerity (>= 0.2.4)
      mime-types (>= 1.16)
      nokogiri (>= 1.3.3)
      rack (>= 1.0.0)
      rack-test (>= 0.5.4)
      selenium-webdriver (>= 0.0.27)
      xpath (~> 0.1.3)
    celerity (0.8.7)
    childprocess (0.1.6)
      ffi (~> 0.6.3)
    columnize (0.3.2)
    configuration (1.2.0)
    culerity (0.2.15)
    database_cleaner (0.6.1)
    diff-lcs (1.1.2)
    erubis (2.6.6)
      abstract (>= 1.0.0)
    factory_girl (1.3.2)
    factory_girl_rails (1.0.1)
      factory_girl (~> 1.3)
      railties (>= 3.0.0)
    ffi (0.6.3)
      rake (>= 0.8.7)
    haml (3.0.25)
    i18n (0.5.0)
    jruby-jars (1.5.6)
    json_pure (1.5.1)
    launchy (0.3.7)
      configuration (>= 0.0.5)
      rake (>= 0.8.1)
    linecache (0.43)
    mail (2.2.15)
      activesupport (>= 2.3.6)
      i18n (>= 0.4.0)
      mime-types (~> 1.16)
      treetop (~> 1.4.8)
    memcache-client (1.8.5)
    mime-types (1.16)
    mkdtemp (1.2)
    mysql2 (0.2.6)
    nokogiri (1.4.4)
    polyglot (0.3.1)
    rack (1.2.1)
    rack-mount (0.6.13)
      rack (>= 1.0.0)
    rack-test (0.5.7)
      rack (>= 1.0)
    rails (3.0.4.rc1)
      actionmailer (= 3.0.4.rc1)
      actionpack (= 3.0.4.rc1)
      activerecord (= 3.0.4.rc1)
      activeresource (= 3.0.4.rc1)
      activesupport (= 3.0.4.rc1)
      bundler (~> 1.0)
      railties (= 3.0.4.rc1)
    railties (3.0.4.rc1)
      actionpack (= 3.0.4.rc1)
      activesupport (= 3.0.4.rc1)
      rake (>= 0.8.7)
      thor (~> 0.14.4)
    rake (0.8.7)
    rcov (0.9.9)
    rr (1.0.2)
    rspec (2.4.0)
      rspec-core (~> 2.4.0)
      rspec-expectations (~> 2.4.0)
      rspec-mocks (~> 2.4.0)
    rspec-core (2.4.0)
    rspec-expectations (2.4.0)
      diff-lcs (~> 1.1.2)
    rspec-mocks (2.4.0)
    rspec-rails (2.4.1)
      actionpack (~> 3.0)
      activesupport (~> 3.0)
      railties (~> 3.0)
      rspec (~> 2.4.0)
    ruby-debug (0.10.4)
      columnize (>= 0.1)
      ruby-debug-base (~> 0.10.4.0)
    ruby-debug-base (0.10.4)
      linecache (>= 0.3)
    rubyzip (0.9.4)
    selenium-webdriver (0.1.2)
      childprocess (~> 0.1.5)
      ffi (~> 0.6.3)
      json_pure
      rubyzip
    steak (1.1.0)
      rspec (>= 1.3)
    thor (0.14.6)
    timecop (0.3.5)
    treetop (1.4.9)
      polyglot (>= 0.3.1)
    tzinfo (0.3.24)
    unicorn (1.1.6)
      rack
    webrat (0.7.3)
      nokogiri (>= 1.2.0)
      rack (>= 1.0)
      rack-test (>= 0.5.3)
    wikitext (2.1.1)
    wopen3 (0.3)
    xpath (0.1.3)
      nokogiri (~> 1.3)

PLATFORMS
  ruby

DEPENDENCIES
  akephalos!
  autotest
  bundler (~> 1.0.2)
  capybara (~> 0.4.0)
  database_cleaner (~> 0.6.0)
  factory_girl_rails
  haml (~> 3.0.18)
  launchy
  mail (~> 2.2.15)
  memcache-client
  mkdtemp (>= 1.2)
  mysql2 (~> 0.2.6)
  rails (~> 3.0.4.rc1)
  rcov
  rr (>= 1.0)
  rspec-rails (~> 2.4.0)
  ruby-debug
  steak (~> 1.1.0)
  timecop
  unicorn (~> 1.1.3)
  webrat
  wikitext (>= 2.1)
  wopen3 (>= 0.3)
