GIT
  remote: git://github.com/hiroshi/akephalos.git
  revision: 2d49cff8327af061d3b41a0eaa7256462ad2fe17
  branch: capybara_0.4.0_or_newer
  specs:
    akephalos (0.2.5)
      capybara (>= 0.4.0)
      jruby-jars

GEM
  remote: http://rubygems.org/
  specs:
    ZenTest (4.5.0)
    actionmailer (3.1.1.rc1)
      actionpack (= 3.1.1.rc1)
      mail (~> 2.3.0)
    actionpack (3.1.1.rc1)
      activemodel (= 3.1.1.rc1)
      activesupport (= 3.1.1.rc1)
      builder (~> 3.0.0)
      erubis (~> 2.7.0)
      i18n (~> 0.6)
      rack (~> 1.3.2)
      rack-cache (~> 1.0.3)
      rack-mount (~> 0.8.2)
      rack-test (~> 0.6.1)
      sprockets (~> 2.0.0)
    activemodel (3.1.1.rc1)
      activesupport (= 3.1.1.rc1)
      builder (~> 3.0.0)
      i18n (~> 0.6)
    activerecord (3.1.1.rc1)
      activemodel (= 3.1.1.rc1)
      activesupport (= 3.1.1.rc1)
      arel (~> 2.2.1)
      tzinfo (~> 0.3.29)
    activeresource (3.1.1.rc1)
      activemodel (= 3.1.1.rc1)
      activesupport (= 3.1.1.rc1)
    activesupport (3.1.1.rc1)
      multi_json (~> 1.0)
    addressable (2.2.6)
    arel (2.2.1)
    autotest-rails (4.1.1)
      ZenTest (= 4.5)
    builder (3.0.0)
    capybara (1.1.1)
      mime-types (>= 1.16)
      nokogiri (>= 1.3.3)
      rack (>= 1.0.0)
      rack-test (>= 0.5.4)
      selenium-webdriver (~> 2.0)
      xpath (~> 0.1.4)
    childprocess (0.2.2)
      ffi (~> 1.0.6)
    database_cleaner (0.6.7)
    diff-lcs (1.1.3)
    erubis (2.7.0)
    factory_girl (2.1.0)
    factory_girl_rails (1.2.0)
      factory_girl (~> 2.1.0)
      railties (>= 3.0.0)
    ffi (1.0.9)
    haml (3.1.2)
    hike (1.2.1)
    i18n (0.6.0)
    jruby-jars (1.6.4)
    json_pure (1.5.4)
      spruz (~> 0.2.8)
    kgio (2.6.0)
    launchy (2.0.5)
      addressable (~> 2.2.6)
    mail (2.3.0)
      i18n (>= 0.4.0)
      mime-types (~> 1.16)
      treetop (~> 1.4.8)
    memcache-client (1.8.5)
    mime-types (1.16)
    mkdtemp (1.2.1)
    multi_json (1.0.3)
    mysql2 (0.3.7)
    nokogiri (1.5.0)
    polyglot (0.3.2)
    rack (1.3.3)
    rack-cache (1.0.3)
      rack (>= 0.4)
    rack-mount (0.8.3)
      rack (>= 1.0.0)
    rack-ssl (1.3.2)
      rack
    rack-test (0.6.1)
      rack (>= 1.0)
    rails (3.1.1.rc1)
      actionmailer (= 3.1.1.rc1)
      actionpack (= 3.1.1.rc1)
      activerecord (= 3.1.1.rc1)
      activeresource (= 3.1.1.rc1)
      activesupport (= 3.1.1.rc1)
      bundler (~> 1.0)
      railties (= 3.1.1.rc1)
    railties (3.1.1.rc1)
      actionpack (= 3.1.1.rc1)
      activesupport (= 3.1.1.rc1)
      rack-ssl (~> 1.3.2)
      rake (>= 0.8.7)
      rdoc (~> 3.4)
      thor (~> 0.14.6)
    raindrops (0.7.0)
    rake (0.9.2)
    rcov (0.9.10)
    rdoc (3.9.4)
    rr (1.0.4)
    rspec (2.6.0)
      rspec-core (~> 2.6.0)
      rspec-expectations (~> 2.6.0)
      rspec-mocks (~> 2.6.0)
    rspec-core (2.6.4)
    rspec-expectations (2.6.0)
      diff-lcs (~> 1.1.2)
    rspec-mocks (2.6.0)
    rspec-rails (2.6.1)
      actionpack (~> 3.0)
      activesupport (~> 3.0)
      railties (~> 3.0)
      rspec (~> 2.6.0)
    rubyzip (0.9.4)
    sass (3.1.7)
    selenium-webdriver (2.5.0)
      childprocess (>= 0.2.1)
      ffi (>= 1.0.7)
      json_pure
      rubyzip
    sprockets (2.0.0)
      hike (~> 1.2)
      rack (~> 1.0)
      tilt (!= 1.3.0, ~> 1.1)
    spruz (0.2.13)
    thor (0.14.6)
    tilt (1.3.3)
    timecop (0.3.5)
    treetop (1.4.10)
      polyglot
      polyglot (>= 0.3.1)
    tzinfo (0.3.29)
    unicorn (4.1.1)
      kgio (~> 2.4)
      rack
      raindrops (~> 0.6)
    wikitext (3.0b)
    wopen3 (0.3)
    xpath (0.1.4)
      nokogiri (~> 1.3)

PLATFORMS
  ruby

DEPENDENCIES
  akephalos!
  autotest-rails
  bundler
  capybara
  database_cleaner
  factory_girl_rails
  haml
  launchy
  memcache-client
  mkdtemp (>= 1.2.1)
  mysql2
  rails (= 3.1.1.rc1)
  rake
  rcov
  rr
  rspec-rails
  sass
  timecop
  unicorn
  wikitext (= 3.0b)
  wopen3
