GIT
  remote: git://github.com/cavalle/steak.git
  revision: d6fd5a9
  specs:

GEM
  remote: http://rubygems.org/
  specs:
    abstract (1.0.0)
    actionmailer (3.0.0.beta4)
      actionpack (= 3.0.0.beta4)
      mail (~> 2.2.3)
    actionpack (3.0.0.beta4)
      activemodel (= 3.0.0.beta4)
      activesupport (= 3.0.0.beta4)
      builder (~> 2.1.2)
      erubis (~> 2.6.5)
      i18n (~> 0.4.1)
      rack (~> 1.1.0)
      rack-mount (~> 0.6.3)
      rack-test (~> 0.5.4)
      tzinfo (~> 0.3.16)
    activemodel (3.0.0.beta4)
      activesupport (= 3.0.0.beta4)
      builder (~> 2.1.2)
      i18n (~> 0.4.1)
    activerecord (3.0.0.beta4)
      activemodel (= 3.0.0.beta4)
      activesupport (= 3.0.0.beta4)
      arel (~> 0.4.0)
      tzinfo (~> 0.3.16)
    activeresource (3.0.0.beta4)
      activemodel (= 3.0.0.beta4)
      activesupport (= 3.0.0.beta4)
    activesupport (3.0.0.beta4)
    arel (0.4.0)
      activesupport (>= 3.0.0.beta)
    builder (2.1.2)
    bundler (1.0.0.beta.1)
    capybara (0.3.8)
      culerity (>= 0.2.4)
      mime-types (>= 1.16)
      nokogiri (>= 1.3.3)
      rack (>= 1.0.0)
      rack-test (>= 0.5.2)
      selenium-webdriver (>= 0.0.3)
    celerity (0.7.9)
    configuration (1.1.0)
    culerity (0.2.10)
    database_cleaner (0.5.2)
    diff-lcs (1.1.2)
    erubis (2.6.5)
      abstract (>= 1.0.0)
    factory_girl (1.3.0)
    factory_girl_rails (1.0)
      factory_girl (~> 1.3)
      rails (>= 3.0.0.beta4)
    ffi (0.6.3)
      rake (>= 0.8.7)
    ffi (0.6.3-java)
    ffi (0.6.3-x86-mingw32)
      rake (>= 0.8.7)
    ffi (0.6.3-x86-mswin32)
      rake (>= 0.8.7)
    haml (3.0.12)
    hpricot (0.8.2)
    hpricot (0.8.2-java)
    hpricot (0.8.2-x86-mswin32)
    i18n (0.4.1)
    json_pure (1.4.3)
    launchy (0.3.5)
      configuration (>= 0.0.5)
      rake (>= 0.8.1)
    mail (2.2.5)
      activesupport (>= 2.3.6)
      mime-types
      treetop (>= 1.4.5)
    mime-types (1.16)
    mkdtemp (1.1.1)
    mysql (2.8.1)
    mysql (2.8.1-x86-mingw32)
    mysql (2.8.1-x86-mswin32)
    nokogiri (1.4.2)
    nokogiri (1.4.2-java)
      weakling (>= 0.0.3)
    polyglot (0.3.1)
    rack (1.1.0)
    rack-mount (0.6.6)
      rack
    rack-test (0.5.4)
      rack (>= 1.0)
    rails (3.0.0.beta4)
      actionmailer (= 3.0.0.beta4)
      actionpack (= 3.0.0.beta4)
      activerecord (= 3.0.0.beta4)
      activeresource (= 3.0.0.beta4)
      activesupport (= 3.0.0.beta4)
      bundler (>= 0.9.26)
      railties (= 3.0.0.beta4)
    railties (3.0.0.beta4)
      actionpack (= 3.0.0.beta4)
      activesupport (= 3.0.0.beta4)
      rake (>= 0.8.3)
      thor (~> 0.13.6)
    rake (0.8.7)
    rr (0.10.11)
    rspec (2.0.0.beta.12)
      rspec-core (= 2.0.0.beta.12)
      rspec-expectations (= 2.0.0.beta.12)
      rspec-mocks (= 2.0.0.beta.12)
    rspec-core (2.0.0.beta.12)
    rspec-expectations (2.0.0.beta.12)
      diff-lcs (>= 1.1.2)
    rspec-mocks (2.0.0.beta.12)
    rspec-rails (2.0.0.beta.12)
      rspec (= 2.0.0.beta.12)
      webrat (>= 0.7.0)
    selenium-webdriver (0.0.24)
      ffi (>= 0.6.1)
      json_pure
    steak (0.4.0.beta.1)
      rspec (>= 2.0.0.beta.9)
    thor (0.13.6)
    treetop (1.4.8)
      polyglot (>= 0.3.1)
    tzinfo (0.3.22)
    webrat (0.7.1)
      nokogiri (>= 1.2.0)
      rack (>= 1.0)
      rack-test (>= 0.5.3)
    wikitext (2.0)

PLATFORMS
  ruby

DEPENDENCIES
  capybara
  celerity
  culerity
  database_cleaner
  factory_girl_rails
  haml (= 3.0.12)
  hpricot
  launchy
  mkdtemp
  mysql (= 2.8.1)
  rails (= 3.0.0.beta4)
  rr
  rspec-rails (>= 2.0.0.beta.12)
  steak!
  wikitext (= 2.0)
